GEM
  remote: https://rubygems.org/
  specs:
    addressable (2.3.2)
    aggregate (0.2.2)
    crack (0.3.1)
    daemons (1.1.9)
    diff-lcs (1.1.3)
    eventmachine (1.0.0)
    faraday (0.8.4)
      multipart-post (~> 1.1)
    instruments (0.0.9)
    json (1.5.3)
    librato-metrics (0.7.0)
      aggregate (~> 0.2.2)
      faraday (~> 0.7)
      multi_json (~> 1.3)
    mime-types (1.18)
    multi_json (1.3.6)
    multipart-post (1.1.5)
    rack (1.3.0)
    rack-ssl-enforcer (0.2.4)
    rack-test (0.6.1)
      rack (>= 1.0)
    rake (0.9.2.2)
    rest-client (1.6.7)
      mime-types (>= 1.16)
    rspec (2.11.0)
      rspec-core (~> 2.11.0)
      rspec-expectations (~> 2.11.0)
      rspec-mocks (~> 2.11.0)
    rspec-core (2.11.1)
    rspec-expectations (2.11.3)
      diff-lcs (~> 1.1.3)
    rspec-mocks (2.11.3)
    scrolls (0.2.3)
    sinatra (1.2.6)
      rack (~> 1.1)
      tilt (>= 1.2.2, < 2.0)
    thin (1.5.0)
      daemons (>= 1.0.9)
      eventmachine (>= 0.12.6)
      rack (>= 1.0.0)
    tilt (1.3.2)
    webmock (1.8.10)
      addressable (>= 2.2.7)
      crack (>= 0.1.7)

PLATFORMS
  ruby

DEPENDENCIES
  instruments (= 0.0.9)
  json (= 1.5.3)
  librato-metrics (= 0.7.0)
  rack-ssl-enforcer (= 0.2.4)
  rack-test
  rake
  rest-client (= 1.6.7)
  rspec
  scrolls (= 0.2.3)
  sinatra (= 1.2.6)
  thin (= 1.5.0)
  webmock
