GEM
  remote: https://rubygems.org/
  specs:
    addressable (2.3.5)
    aggregate (0.2.2)
    coderay (1.1.1)
    crack (0.4.1)
      safe_yaml (~> 0.9.0)
    diff-lcs (1.2.5)
    excon (0.31.0)
    faraday (0.10.1)
      multipart-post (>= 1.2, < 3)
    librato-metrics (1.6.1)
      aggregate (~> 0.2.2)
      faraday (~> 0.7)
      multi_json
    method_source (0.8.2)
    multi_json (1.12.1)
    multipart-post (2.0.0)
    pry (0.10.4)
      coderay (~> 1.1.0)
      method_source (~> 0.8.1)
      slop (~> 3.4)
    puma (3.6.2)
    rack (1.6.5)
    rack-protection (1.5.3)
      rack
    rack-ssl (1.4.1)
      rack
    rack-test (0.6.2)
      rack (>= 1.0)
    rack-timeout (0.3.2)
    rake (10.1.1)
    rollbar (2.13.3)
      multi_json
    rspec (2.14.1)
      rspec-core (~> 2.14.0)
      rspec-expectations (~> 2.14.0)
      rspec-mocks (~> 2.14.0)
    rspec-core (2.14.7)
    rspec-expectations (2.14.4)
      diff-lcs (>= 1.1.3, < 2.0)
    rspec-mocks (2.14.4)
    safe_yaml (0.9.7)
    scrolls (0.3.3)
    sinatra (1.4.7)
      rack (~> 1.5)
      rack-protection (~> 1.4)
      tilt (>= 1.3, < 3)
    slop (3.6.0)
    tilt (2.0.5)
    webmock (1.16.1)
      addressable (>= 2.2.7)
      crack (>= 0.3.2)
    yajl-ruby (1.3.0)

PLATFORMS
  ruby

DEPENDENCIES
  excon
  librato-metrics (~> 1.6.0)
  pry
  puma
  rack-ssl
  rack-test
  rack-timeout
  rake
  rollbar
  rspec
  scrolls
  sinatra (~> 1.4.4)
  webmock
  yajl-ruby

RUBY VERSION
   ruby 2.4.0p0

BUNDLED WITH
   1.13.7
