GEM
  remote: https://rubygems.org/
  specs:
    addressable (2.3.5)
    aggregate (0.2.2)
    ast (2.4.0)
    coderay (1.1.1)
    crack (0.4.1)
      safe_yaml (~> 0.9.0)
    diff-lcs (1.3)
    excon (0.71.0)
    faraday (0.8.9)
      multipart-post (~> 1.2.0)
    jaro_winkler (1.5.2)
    librato-metrics (1.3.0)
      aggregate (~> 0.2.2)
      faraday (~> 0.7)
      multi_json
    method_source (0.8.2)
    multi_json (1.12.1)
    multipart-post (1.2.0)
    mustermann (1.1.1)
      ruby2_keywords (~> 0.0.1)
    parallel (1.17.0)
    parser (2.6.3.0)
      ast (~> 2.4.0)
    pry (0.10.4)
      coderay (~> 1.1.0)
      method_source (~> 0.8.1)
      slop (~> 3.4)
    psych (3.1.0)
    puma (3.12.6)
    rack (2.2.3)
    rack-protection (2.0.2)
      rack
    rack-ssl (1.4.1)
      rack
    rack-test (1.1.0)
      rack (>= 1.0, < 3)
    rack-timeout (0.3.2)
    rainbow (3.0.0)
    rake (12.3.3)
    rollbar (2.13.3)
      multi_json
    rspec (3.9.0)
      rspec-core (~> 3.9.0)
      rspec-expectations (~> 3.9.0)
      rspec-mocks (~> 3.9.0)
    rspec-core (3.9.1)
      rspec-support (~> 3.9.1)
    rspec-expectations (3.9.1)
      diff-lcs (>= 1.2.0, < 2.0)
      rspec-support (~> 3.9.0)
    rspec-mocks (3.9.1)
      diff-lcs (>= 1.2.0, < 2.0)
      rspec-support (~> 3.9.0)
    rspec-support (3.9.2)
    rubocop (0.67.2)
      jaro_winkler (~> 1.5.1)
      parallel (~> 1.10)
      parser (>= 2.5, != 2.5.1.1)
      psych (>= 3.1.0)
      rainbow (>= 2.2.2, < 4.0)
      ruby-progressbar (~> 1.7)
      unicode-display_width (>= 1.4.0, < 1.6)
    ruby-progressbar (1.10.0)
    ruby2_keywords (0.0.2)
    safe_yaml (0.9.7)
    scrolls (0.3.3)
    sinatra (2.0.2)
      mustermann (~> 1.0)
      rack (~> 2.0)
      rack-protection (= 2.0.2)
      tilt (~> 2.0)
    slop (3.6.0)
    standard (0.0.39)
      rubocop (~> 0.67.1)
    tilt (2.0.10)
    unicode-display_width (1.5.0)
    uri-handler (1.0.2)
    webmock (1.16.1)
      addressable (>= 2.2.7)
      crack (>= 0.3.2)
    yajl-ruby (1.3.1)

PLATFORMS
  ruby

DEPENDENCIES
  excon
  librato-metrics (~> 1.3.0)
  pry
  puma (~> 3.12.6)
  rack (~> 2.1, >= 2.1.4)
  rack-ssl (>= 1.4.1)
  rack-test (>= 0.6.2)
  rack-timeout
  rake (~> 12.3.3)
  rollbar
  rspec
  scrolls (= 0.3.3)
  sinatra (= 2.0.2)
  standard
  uri-handler
  webmock
  yajl-ruby

RUBY VERSION
   ruby 2.4.5p335

BUNDLED WITH
   1.17.3
