GEM
  remote: https://rubygems.org/
  specs:
    addressable (2.7.0)
      public_suffix (>= 2.0.2, < 5.0)
    aggregate (0.2.2)
    ast (2.4.1)
    coderay (1.1.3)
    crack (0.4.4)
    diff-lcs (1.4.4)
    excon (0.78.0)
    faraday (0.17.3)
      multipart-post (>= 1.2, < 3)
    hashdiff (1.0.1)
    librato-metrics (1.3.2)
      aggregate (~> 0.2.2)
      faraday (~> 0.7)
      multi_json
    method_source (1.0.0)
    multi_json (1.15.0)
    multipart-post (2.1.1)
    mustermann (1.1.1)
      ruby2_keywords (~> 0.0.1)
    parallel (1.20.1)
    parser (2.7.2.0)
      ast (~> 2.4.1)
    pry (0.13.1)
      coderay (~> 1.1)
      method_source (~> 1.0)
    public_suffix (4.0.6)
    puma (3.12.6)
    rack (2.2.3)
    rack-protection (2.0.2)
      rack
    rack-ssl (1.4.1)
      rack
    rack-test (1.1.0)
      rack (>= 1.0, < 3)
    rack-timeout (0.6.0)
    rainbow (3.0.0)
    rake (12.3.3)
    regexp_parser (2.0.0)
    rexml (3.2.4)
    rollbar (3.1.1)
    rspec (3.10.0)
      rspec-core (~> 3.10.0)
      rspec-expectations (~> 3.10.0)
      rspec-mocks (~> 3.10.0)
    rspec-core (3.10.0)
      rspec-support (~> 3.10.0)
    rspec-expectations (3.10.0)
      diff-lcs (>= 1.2.0, < 2.0)
      rspec-support (~> 3.10.0)
    rspec-mocks (3.10.0)
      diff-lcs (>= 1.2.0, < 2.0)
      rspec-support (~> 3.10.0)
    rspec-support (3.10.0)
    rubocop (1.4.2)
      parallel (~> 1.10)
      parser (>= 2.7.1.5)
      rainbow (>= 2.2.2, < 4.0)
      regexp_parser (>= 1.8)
      rexml
      rubocop-ast (>= 1.1.1)
      ruby-progressbar (~> 1.7)
      unicode-display_width (>= 1.4.0, < 2.0)
    rubocop-ast (1.3.0)
      parser (>= 2.7.1.5)
    rubocop-performance (1.9.1)
      rubocop (>= 0.90.0, < 2.0)
      rubocop-ast (>= 0.4.0)
    ruby-progressbar (1.10.1)
    ruby2_keywords (0.0.2)
    scrolls (0.3.3)
    sinatra (2.0.2)
      mustermann (~> 1.0)
      rack (~> 2.0)
      rack-protection (= 2.0.2)
      tilt (~> 2.0)
    standard (0.10.1)
      rubocop (= 1.4.2)
      rubocop-performance (= 1.9.1)
    tilt (2.0.10)
    unicode-display_width (1.7.0)
    uri-handler (1.0.2)
    webmock (3.10.0)
      addressable (>= 2.3.6)
      crack (>= 0.3.2)
      hashdiff (>= 0.4.0, < 2.0.0)
    yajl-ruby (1.4.1)

PLATFORMS
  ruby

DEPENDENCIES
  excon
  librato-metrics (~> 1.3.0)
  pry
  puma (~> 3.12.6)
  rack (~> 2.1, >= 2.1.4)
  rack-ssl (>= 1.4.1)
  rack-test (>= 0.6.2)
  rack-timeout
  rake (~> 12.3.3)
  rollbar
  rspec
  scrolls (= 0.3.3)
  sinatra (= 2.0.2)
  standard
  uri-handler
  webmock
  yajl-ruby

RUBY VERSION
   ruby 2.4.5p335

BUNDLED WITH
   2.1.4
