GEM
  remote: https://rubygems.org/
  specs:
    addressable (2.3.5)
    aggregate (0.2.2)
    crack (0.4.1)
      safe_yaml (~> 0.9.0)
    diff-lcs (1.2.5)
    excon (0.31.0)
    faraday (0.8.9)
      multipart-post (~> 1.2.0)
    librato-metrics (1.3.0)
      aggregate (~> 0.2.2)
      faraday (~> 0.7)
      multi_json
    multi_json (1.12.1)
    multipart-post (1.2.0)
    puma (2.7.1)
      rack (>= 1.1, < 2.0)
    rack (1.5.2)
    rack-protection (1.5.1)
      rack
    rack-ssl (1.3.3)
      rack
    rack-test (0.6.2)
      rack (>= 1.0)
    rack-timeout (0.3.2)
    rake (10.1.1)
    rollbar (2.13.3)
      multi_json
    rspec (2.14.1)
      rspec-core (~> 2.14.0)
      rspec-expectations (~> 2.14.0)
      rspec-mocks (~> 2.14.0)
    rspec-core (2.14.7)
    rspec-expectations (2.14.4)
      diff-lcs (>= 1.1.3, < 2.0)
    rspec-mocks (2.14.4)
    safe_yaml (0.9.7)
    scrolls (0.3.3)
    sinatra (1.4.4)
      rack (~> 1.4)
      rack-protection (~> 1.4)
      tilt (~> 1.3, >= 1.3.4)
    tilt (1.4.1)
    webmock (1.16.1)
      addressable (>= 2.2.7)
      crack (>= 0.3.2)
    yajl-ruby (1.2.0)

PLATFORMS
  ruby

DEPENDENCIES
  excon
  librato-metrics
  puma
  rack-ssl
  rack-test
  rack-timeout
  rake
  rollbar
  rspec
  scrolls
  sinatra
  webmock
  yajl-ruby

RUBY VERSION
   ruby 1.9.3p551

BUNDLED WITH
   1.12.5
